GEM
  remote: https://rubygems.org/
  specs:
    crack (0.3.1)
    httparty (0.8.3)
      multi_json (~> 1.0)
      multi_xml
    json (1.7.3)
    linode (0.7.9)
      crack (>= 0.3.1)
      httparty
      httparty (>= 0.4.4)
      json
    multi_json (1.3.6)
    multi_xml (0.5.1)
    rack (1.4.1)
    rack-protection (1.2.0)
      rack
    sinatra (1.3.2)
      rack (~> 1.3, >= 1.3.6)
      rack-protection (~> 1.2)
      tilt (~> 1.3, >= 1.3.3)
    tilt (1.3.3)

PLATFORMS
  ruby

DEPENDENCIES
  linode
  sinatra
